GEM
  remote: https://rubygems.org/
  specs:
    coderay (1.1.3)
    dotenv (2.8.1)
    maxmind-db (1.1.1)
    method_source (1.0.0)
    mustermann (3.0.0)
      ruby2_keywords (~> 0.0.1)
    nio4r (2.5.8)
    pry (0.14.1)
      coderay (~> 1.1)
      method_source (~> 1.0)
    puma (5.6.5)
      nio4r (~> 2.0)
    rack (2.2.4)
    rack-protection (3.0.1)
      rack
    ruby2_keywords (0.0.5)
    sinatra (3.0.1)
      mustermann (~> 3.0)
      rack (~> 2.2, >= 2.2.4)
      rack-protection (= 3.0.1)
      tilt (~> 2.0)
    tilt (2.0.11)

PLATFORMS
  ruby

DEPENDENCIES
  dotenv
  maxmind-db
  pry
  puma
  sinatra

BUNDLED WITH
   2.2.22
